PATH
  remote: .
  specs:
    relcy (0.1.0)
      addressable (~> 2.3)
      equalizer (~> 0.0.11)
      faraday (~> 0.9)
      json (~> 1.8)
      memoizable (~> 0.4.0)
      naught (~> 1.0)

GEM
  remote: https://rubygems.org/
  specs:
    addressable (2.4.0)
    coderay (1.1.0)
    equalizer (0.0.11)
    faraday (0.9.2)
      multipart-post (>= 1.2, < 3)
    json (1.8.3)
    memoizable (0.4.2)
      thread_safe (~> 0.3, >= 0.3.1)
    method_source (0.8.2)
    multipart-post (2.0.0)
    naught (1.1.0)
    pry (0.10.3)
      coderay (~> 1.1.0)
      method_source (~> 0.8.1)
      slop (~> 3.4)
    rake (10.5.0)
    slop (3.6.0)
    thread_safe (0.3.5)

PLATFORMS
  ruby

DEPENDENCIES
  bundler (~> 1.11)
  pry (~> 0.10.3)
  rake (~> 10.0)
  relcy!

BUNDLED WITH
   1.11.2
